PATH
  remote: .
  specs:
    repositext-cli (0.0.1)
      kramdown
      repositext-kramdown
      repositext-validation
      suspension
      thor

PATH
  remote: ../kramdown
  specs:
    kramdown (1.3.0)

PATH
  remote: ../repositext-kramdown
  specs:
    repositext-kramdown (0.0.1)
      builder
      kramdown
      nokogiri
      outcome
      ruby-graphviz
      rubyzip
      suspension
      thor

PATH
  remote: ../repositext-validation
  specs:
    repositext-validation (0.0.1)
      awesome_print
      logging
      outcome
      repositext-kramdown

PATH
  remote: ../suspension
  specs:
    suspension (0.0.1)
      diff_match_patch_native

GEM
  remote: http://rubygems.org/
  specs:
    awesome_print (1.2.0)
    builder (3.2.2)
    diff_match_patch_native (1.0.2)
      rice (>= 1.4.2)
    fakefs (0.5.0)
    little-plugger (1.1.3)
    logging (1.8.2)
      little-plugger (>= 1.1.3)
      multi_json (>= 1.8.4)
    mini_portile (0.5.2)
    minitest (5.3.0)
    minitest-spec-expect (1.0.0)
      minitest (~> 5.0)
    multi_json (1.8.4)
    nokogiri (1.6.1)
      mini_portile (~> 0.5.0)
    outcome (1.0.1)
    rake (10.1.1)
    rice (1.6.0)
    ruby-graphviz (1.0.9)
    rubyzip (1.1.0)
    thor (0.18.1)

PLATFORMS
  ruby

DEPENDENCIES
  awesome_print
  fakefs
  kramdown!
  minitest
  minitest-spec-expect
  rake
  repositext-cli!
  repositext-kramdown!
  repositext-validation!
  suspension!
